GEM
  remote: http://gems.github.com/
  remote: http://rubygems.org/
  specs:
    json_pure (1.4.6)
    peterwald-git (1.1.4)
    rake (0.8.7)
    rcov (0.9.9)
    rspec (1.3.0)
    rubyforge (2.0.4)
      json_pure (>= 1.1.7)
    technicalpickles-jeweler (0.11.0)
      peterwald-git

PLATFORMS
  ruby

DEPENDENCIES
  rake
  rcov
  rspec (< 2.0.0)
  rubyforge
  technicalpickles-jeweler
