GEM
  remote: http://gems.github.com/
  remote: http://rubygems.org/
  specs:
    columnize (0.3.6)
    debugger (1.3.0)
      columnize (>= 0.3.1)
      debugger-linecache (~> 1.1.1)
      debugger-ruby_core_source (~> 1.1.7)
    debugger-linecache (1.1.2)
      debugger-ruby_core_source (>= 1.1.1)
    debugger-ruby_core_source (1.1.7)
    git (1.2.5)
    json_pure (1.5.0)
    rake (0.8.7)
    rcov (0.9.9)
    rspec (1.3.1)
    rubyforge (2.0.4)
      json_pure (>= 1.1.7)
    technicalpickles-jeweler (1.2.1)
      git (>= 1.2.1)
      rubyforge

PLATFORMS
  ruby

DEPENDENCIES
  debugger
  rake
  rcov
  rspec (< 2.0.0)
  rubyforge
  technicalpickles-jeweler
